GEM
  remote: http://rubygems.org/
  specs:
    mini_portile (0.6.0)
    minitest (5.4.2)
    minitest-rg (5.1.0)
      minitest (~> 5.0)
    nokogiri (1.6.3.1)
      mini_portile (= 0.6.0)
    rake (10.1.0)

PLATFORMS
  ruby

DEPENDENCIES
  minitest
  minitest-rg
  nokogiri
  rake
